GEM
  specs:
    aes (0.5.1)
    byebug (11.1.3)
    coderay (1.1.3)
    method_source (1.0.0)
    oj (3.13.14)
    pry (0.14.1)
      coderay (~> 1.1)
      method_source (~> 1.0)

PLATFORMS
  x86_64-linux

DEPENDENCIES
  aes (~> 0.5.0)
  byebug
  oj (~> 3.3, >= 3.3.5)
  pry

BUNDLED WITH
   2.2.25
